GEM
  remote: https://rubygems.org/
  specs:
    pg (1.0.0)
    rack (2.1.4)

PLATFORMS
  ruby

DEPENDENCIES
  pg
  rack

RUBY VERSION
   ruby 2.5.0p0

BUNDLED WITH
   1.16.1
